GEM
  remote: http://rubygems.org/
  specs:
    curb (0.7.15)
    daemons (1.1.3)
    eventmachine (0.12.10)
    tweetlr (0.1.2)
      curb
      daemons
      eventmachine

PLATFORMS
  ruby

DEPENDENCIES
  tweetlr
