GEM
  remote: http://rubygems.org/
  specs:
    crack (0.1.8)
    daemons (1.1.3)
    eventmachine (0.12.10)
    httparty (0.7.7)
      crack (= 0.1.8)
    tweetlr (0.0.4)
      daemons
      eventmachine
      httparty

PLATFORMS
  ruby

DEPENDENCIES
  tweetlr
